GEM
  remote: http://rubygems.org/
  specs:
    nokogiri (1.4.4)
    oauth (0.4.4)
    rack (1.2.1)
    sinatra (1.0)
      rack (>= 1.0)

PLATFORMS
  ruby

DEPENDENCIES
  nokogiri
  oauth
  sinatra
